GIT
  remote: https://github.com/jubishop/apparition.git
  revision: 7a2aece898d4b955a612246d8e4c17250f8b6ed4
  specs:
    apparition (0.6.0)
      capybara (~> 3.13, < 4)
      websocket-driver (>= 0.6.5)

GEM
  remote: http://www.jubigems.org/
  specs:
    core (1.22)
    core-test (0.5)
    duration (1.7)
      core
      linguistics
    rstruct (1.5)
      core
    tony (0.63)
      base64
      rack
      rack-contrib
      slim
      tzinfo
    tony-auth (0.20)
      base64
    tony-test (0.88)
      capybara
      chunky_png
      colorize
      puma
      rack
      rack-contrib
      rack-test
      rspec

GEM
  remote: https://rubygems.org/
  specs:
    addressable (2.8.1)
      public_suffix (>= 2.0.2, < 6.0)
    ast (2.4.2)
    base64 (0.1.1)
    capybara (3.37.1)
      addressable
      matrix
      mini_mime (>= 0.1.3)
      nokogiri (~> 1.8)
      rack (>= 1.6.0)
      rack-test (>= 0.6.3)
      regexp_parser (>= 1.5, < 3.0)
      xpath (~> 3.2)
    chunky_png (1.4.0)
    colorize (0.8.1)
    concurrent-ruby (1.1.10)
    cri (2.15.11)
    diff-lcs (1.5.0)
    hashids (1.0.6)
    honeybadger (4.12.2)
    json (2.6.2)
    linguistics (2.1.0)
      loggability (~> 0.11)
    loggability (0.18.2)
    matrix (0.4.2)
    mini_mime (1.1.2)
    nio4r (2.5.8)
    nokogiri (1.13.8-x86_64-darwin)
      racc (~> 1.4)
    nokogiri (1.13.8-x86_64-linux)
      racc (~> 1.4)
    open3 (0.1.1)
    openssl (3.0.1)
    parallel (1.22.1)
    parser (3.1.2.1)
      ast (~> 2.4.1)
    pg (1.4.3)
    public_suffix (5.0.0)
    puma (5.6.5)
      nio4r (~> 2.0)
    racc (1.6.0)
    rack (2.2.4)
    rack-contrib (2.3.0)
      rack (~> 2.0)
    rack-protection (3.0.1)
      rack
    rack-test (2.0.2)
      rack (>= 1.3)
    rainbow (3.1.1)
    rake (13.0.6)
    regexp_parser (2.6.0)
    rexml (3.2.5)
    rinku (2.0.6)
    rspec (3.11.0)
      rspec-core (~> 3.11.0)
      rspec-expectations (~> 3.11.0)
      rspec-mocks (~> 3.11.0)
    rspec-core (3.11.0)
      rspec-support (~> 3.11.0)
    rspec-expectations (3.11.1)
      diff-lcs (>= 1.2.0, < 2.0)
      rspec-support (~> 3.11.0)
    rspec-mocks (3.11.1)
      diff-lcs (>= 1.2.0, < 2.0)
      rspec-support (~> 3.11.0)
    rspec-retry (0.6.2)
      rspec-core (> 3.3)
    rspec-support (3.11.1)
    rspec_n (1.5.0)
      colorize (~> 0.8.0)
      cri (~> 2.15.3)
    rubocop (1.36.0)
      json (~> 2.3)
      parallel (~> 1.10)
      parser (>= 3.1.2.1)
      rainbow (>= 2.2.2, < 4.0)
      regexp_parser (>= 1.8, < 3.0)
      rexml (>= 3.2.5, < 4.0)
      rubocop-ast (>= 1.20.1, < 2.0)
      ruby-progressbar (~> 1.7)
      unicode-display_width (>= 1.4.0, < 3.0)
    rubocop-ast (1.21.0)
      parser (>= 3.1.1.0)
    rubocop-performance (1.15.0)
      rubocop (>= 1.7.0, < 2.0)
      rubocop-ast (>= 0.4.0)
    rubocop-rake (0.6.0)
      rubocop (~> 1.0)
    rubocop-rspec (2.13.2)
      rubocop (~> 1.33)
    rubocop-sequel (0.3.4)
      rubocop (~> 1.0)
    ruby-progressbar (1.11.0)
    securerandom (0.2.0)
    sequel (5.60.1)
    sequel-annotate (1.7.0)
      sequel (>= 4)
    sequel-hash_id (0.1.2)
      hashids (~> 1.0)
      sequel (>= 4.0, < 6.0)
    slim (4.1.0)
      temple (>= 0.7.6, < 0.9)
      tilt (>= 2.0.6, < 2.1)
    temple (0.8.2)
    tilt (2.0.11)
    tzinfo (2.0.5)
      concurrent-ruby (~> 1.0)
    unicode-display_width (2.3.0)
    websocket-driver (0.7.5)
      websocket-extensions (>= 0.1.0)
    websocket-extensions (0.1.5)
    xpath (3.2.0)
      nokogiri (~> 1.8)

PLATFORMS
  x86_64-darwin-19
  x86_64-darwin-20
  x86_64-darwin-21
  x86_64-linux

DEPENDENCIES
  apparition!
  base64
  capybara
  colorize
  core!
  core-test!
  duration!
  honeybadger
  linguistics
  open3
  openssl
  pg
  puma
  rack-contrib
  rack-protection
  rack-test
  rake
  rinku
  rspec
  rspec-retry
  rspec_n
  rstruct!
  rubocop
  rubocop-performance
  rubocop-rake
  rubocop-rspec
  rubocop-sequel
  securerandom
  sequel
  sequel-annotate
  sequel-hash_id
  slim
  tony!
  tony-auth!
  tony-test!
  tzinfo

RUBY VERSION
   ruby 3.0.3p157

BUNDLED WITH
   2.3.21
