GIT
  remote: https://github.com/jubishop/apparition.git
  revision: 7a2aece898d4b955a612246d8e4c17250f8b6ed4
  specs:
    apparition (0.6.0)
      capybara (~> 3.13, < 4)
      websocket-driver (>= 0.6.5)

GEM
  remote: https://rubygems.org/
  specs:
    addressable (2.8.0)
      public_suffix (>= 2.0.2, < 5.0)
    ast (2.4.2)
    base64 (0.1.1)
    capybara (3.36.0)
      addressable
      matrix
      mini_mime (>= 0.1.3)
      nokogiri (~> 1.8)
      rack (>= 1.6.0)
      rack-test (>= 0.6.3)
      regexp_parser (>= 1.5, < 3.0)
      xpath (~> 3.2)
    chunky_png (1.4.0)
    colorize (0.8.1)
    concurrent-ruby (1.1.9)
    cri (2.15.11)
    diff-lcs (1.4.4)
    ipaddr (1.2.3)
    linguistics (2.1.0)
      loggability (~> 0.11)
    loggability (0.18.2)
    matrix (0.4.2)
    mini_mime (1.1.2)
    nio4r (2.5.8)
    nokogiri (1.12.5-x86_64-darwin)
      racc (~> 1.4)
    nokogiri (1.12.5-x86_64-linux)
      racc (~> 1.4)
    open3 (0.1.1)
    openssl (2.2.1)
      ipaddr
    parallel (1.21.0)
    parser (3.0.3.2)
      ast (~> 2.4.1)
    pg (1.2.3)
    public_suffix (4.0.6)
    puma (5.5.2)
      nio4r (~> 2.0)
    racc (1.6.0)
    rack (2.2.3)
    rack-contrib (2.3.0)
      rack (~> 2.0)
    rack-protection (2.1.0)
      rack
    rack-test (1.1.0)
      rack (>= 1.0, < 3)
    rainbow (3.0.0)
    rake (13.0.6)
    regexp_parser (2.2.0)
    rexml (3.2.5)
    rspec (3.10.0)
      rspec-core (~> 3.10.0)
      rspec-expectations (~> 3.10.0)
      rspec-mocks (~> 3.10.0)
    rspec-core (3.10.1)
      rspec-support (~> 3.10.0)
    rspec-expectations (3.10.1)
      diff-lcs (>= 1.2.0, < 2.0)
      rspec-support (~> 3.10.0)
    rspec-mocks (3.10.2)
      diff-lcs (>= 1.2.0, < 2.0)
      rspec-support (~> 3.10.0)
    rspec-support (3.10.3)
    rspec_n (1.4.0)
      colorize (~> 0.8.0)
      cri (~> 2.15.3)
    rubocop (1.23.0)
      parallel (~> 1.10)
      parser (>= 3.0.0.0)
      rainbow (>= 2.2.2, < 4.0)
      regexp_parser (>= 1.8, < 3.0)
      rexml
      rubocop-ast (>= 1.12.0, < 2.0)
      ruby-progressbar (~> 1.7)
      unicode-display_width (>= 1.4.0, < 3.0)
    rubocop-ast (1.15.0)
      parser (>= 3.0.1.1)
    rubocop-performance (1.12.0)
      rubocop (>= 1.7.0, < 2.0)
      rubocop-ast (>= 0.4.0)
    rubocop-rake (0.6.0)
      rubocop (~> 1.0)
    rubocop-rspec (2.6.0)
      rubocop (~> 1.19)
    rubocop-sequel (0.3.3)
      rubocop (~> 1.0)
    ruby-progressbar (1.11.0)
    sequel (5.51.0)
    slim (4.1.0)
      temple (>= 0.7.6, < 0.9)
      tilt (>= 2.0.6, < 2.1)
    temple (0.8.2)
    tilt (2.0.10)
    tzinfo (2.0.4)
      concurrent-ruby (~> 1.0)
    unicode-display_width (2.1.0)
    websocket-driver (0.7.5)
      websocket-extensions (>= 0.1.0)
    websocket-extensions (0.1.5)
    xpath (3.2.0)
      nokogiri (~> 1.8)

GEM
  remote: https://www.jubigems.org/
  specs:
    core (1.17)
    core-test (0.5)
    duration (1.5)
      core
      linguistics
    rstruct (1.5)
      core
    tony (0.44)
      base64
      rack
      rack-contrib
      slim
    tony-auth (0.9)
      base64
    tony-test (0.53)
      capybara
      chunky_png
      colorize
      puma
      rack
      rack-contrib
      rack-test
      rspec

PLATFORMS
  x86_64-darwin-19
  x86_64-darwin-20
  x86_64-linux

DEPENDENCIES
  apparition!
  base64
  capybara
  colorize
  core!
  core-test!
  duration!
  linguistics
  open3
  openssl
  pg
  puma
  rack-contrib
  rack-protection
  rack-test
  rake
  rspec
  rspec_n
  rstruct!
  rubocop
  rubocop-performance
  rubocop-rake
  rubocop-rspec
  rubocop-sequel
  sequel
  slim
  tony!
  tony-auth!
  tony-test!
  tzinfo
  websocket-driver

RUBY VERSION
   ruby 3.0.2p107

BUNDLED WITH
   2.2.22
